GEM
  remote: https://rubygems.org/
  specs:
    asciidoctor (2.0.16)
    asciidoctor-diagram (2.2.1)
      asciidoctor (>= 1.5.7, < 3.x)
      asciidoctor-diagram-ditaamini (~> 1.0)
      asciidoctor-diagram-plantuml (~> 1.2021)
      rexml
    asciidoctor-diagram-ditaamini (1.0.1)
    asciidoctor-diagram-plantuml (1.2021.8)
    asciidoctor-revealjs (4.1.0)
      asciidoctor (>= 2.0.0, < 3.0.0)
      concurrent-ruby (~> 1.0)
      thread_safe (~> 0.3.5)
    concurrent-ruby (1.1.9)
    rexml (3.2.5)
    thread_safe (0.3.6)

PLATFORMS
  ruby

DEPENDENCIES
  asciidoctor (>= 2.0)
  asciidoctor-diagram (>= 2.1)
  asciidoctor-revealjs (>= 4.1)

BUNDLED WITH
   2.1.4
